PATH
  remote: .
  specs:
    dh-proteus (0.3.4)
      activesupport (>= 5.1.1, < 7.1.0)
      erubis (~> 2.7.0)
      terminal-table (~> 3.0.0)
      thor (~> 0.20.0)

GEM
  remote: https://rubygems.org/
  specs:
    activesupport (7.0.4.1)
      concurrent-ruby (~> 1.0, >= 1.0.2)
      i18n (>= 1.6, < 2)
      minitest (>= 5.1)
      tzinfo (~> 2.0)
    coderay (1.1.1)
    concurrent-ruby (1.1.10)
    diff-lcs (1.3)
    erubis (2.7.0)
    i18n (1.12.0)
      concurrent-ruby (~> 1.0)
    method_source (0.8.2)
    minitest (5.17.0)
    pry (0.10.4)
      coderay (~> 1.1.0)
      method_source (~> 0.8.1)
      slop (~> 3.4)
    rake (10.5.0)
    rspec (3.8.0)
      rspec-core (~> 3.8.0)
      rspec-expectations (~> 3.8.0)
      rspec-mocks (~> 3.8.0)
    rspec-core (3.8.0)
      rspec-support (~> 3.8.0)
    rspec-expectations (3.8.3)
      diff-lcs (>= 1.2.0, < 2.0)
      rspec-support (~> 3.8.0)
    rspec-mocks (3.8.0)
      diff-lcs (>= 1.2.0, < 2.0)
      rspec-support (~> 3.8.0)
    rspec-support (3.8.0)
    slop (3.6.0)
    terminal-table (3.0.0)
      unicode-display_width (~> 1.1, >= 1.1.1)
    thor (0.20.3)
    tzinfo (2.0.5)
      concurrent-ruby (~> 1.0)
    unicode-display_width (1.7.0)

PLATFORMS
  ruby

DEPENDENCIES
  bundler (~> 2.0)
  dh-proteus!
  pry
  rake (~> 10.0)
  rspec (~> 3.0)

BUNDLED WITH
   2.2.3
